GEM
  specs:
    diff-lcs (1.2.5)
    fftw3 (0.3)
      narray
    midilib (2.0.5)
    narray (0.6.1.2)
    rspec (3.4.0)
      rspec-core (~> 3.4.0)
      rspec-expectations (~> 3.4.0)
      rspec-mocks (~> 3.4.0)
    rspec-core (3.4.4)
      rspec-support (~> 3.4.0)
    rspec-expectations (3.4.0)
      diff-lcs (>= 1.2.0, < 2.0)
      rspec-support (~> 3.4.0)
    rspec-mocks (3.4.1)
      diff-lcs (>= 1.2.0, < 2.0)
      rspec-support (~> 3.4.0)
    rspec-support (3.4.1)
    ruby-prof (0.15.9)
    wavefile (0.7.0)

PLATFORMS
  ruby

DEPENDENCIES
  fftw3
  midilib
  narray
  rspec
  ruby-prof
  wavefile

BUNDLED WITH
   1.12.5
