GEM
  specs:
    midilib (2.0.5)

PLATFORMS
  ruby

DEPENDENCIES
  midilib

BUNDLED WITH
   1.11.2
